GEM
  remote: https://rubygems.org/
  specs:
    appsignal (2.0.0)
      rack
      thread_safe
    backports (3.6.8)
    daemons (1.2.4)
    discourse_api (0.14.0)
      faraday (~> 0.9)
      faraday_middleware (~> 0.10)
      rack (~> 1.6)
    dotenv (2.1.1)
    eventmachine (1.2.0.1)
    faraday (0.9.2)
      multipart-post (>= 1.2, < 3)
    faraday_middleware (0.10.0)
      faraday (>= 0.7.4, < 0.10)
    multi_json (1.12.1)
    multipart-post (2.0.0)
    rack (1.6.4)
    rack-protection (1.5.3)
      rack
    rack-test (0.6.3)
      rack (>= 1.0)
    sinatra (1.4.7)
      rack (~> 1.5)
      rack-protection (~> 1.4)
      tilt (>= 1.3, < 3)
    sinatra-contrib (1.4.7)
      backports (>= 2.0)
      multi_json
      rack-protection
      rack-test
      sinatra (~> 1.4.0)
      tilt (>= 1.3, < 3)
    thin (1.7.0)
      daemons (~> 1.0, >= 1.0.9)
      eventmachine (~> 1.0, >= 1.0.4)
      rack (>= 1, < 3)
    thread_safe (0.3.5)
    tilt (2.0.5)

PLATFORMS
  ruby

DEPENDENCIES
  appsignal (~> 2.0.0)
  discourse_api (~> 0.14.0)
  dotenv (~> 2.1.1)
  sinatra (~> 1.4.7)
  sinatra-contrib (~> 1.4.7)
  thin (~> 1.7.0)

RUBY VERSION
   ruby 2.3.1p112

BUNDLED WITH
   1.12.5
